PATH
  remote: .
  specs:
    example_hobson_project (0.1)

PATH
  remote: /Users/deadlyicon/Work/change.org/GIT_CLONES/hobson
  specs:
    hobson (0.0.1)
      SystemTimer
      activesupport (~> 3.0.10)
      childprocess
      haml
      i18n
      json
      log4r
      open4
      redis-namespace (~> 1)
      resque (~> 1.19.0)
      right_aws
      sass
      sinatra
      thor (~> 0.14.6)
      uuid
      vegas

GEM
  remote: http://rubygems.org/
  specs:
    SystemTimer (1.2.3)
    activesupport (3.0.11)
    builder (3.0.0)
    childprocess (0.2.2)
      ffi (~> 1.0.6)
    columnize (0.3.4)
    cucumber (1.1.2)
      builder (>= 2.1.2)
      diff-lcs (>= 1.1.2)
      gherkin (~> 2.6.2)
      json (>= 1.4.6)
      term-ansicolor (>= 1.0.6)
    diff-lcs (1.1.3)
    ffi (1.0.11)
    gherkin (2.6.7)
      json (>= 1.4.6)
    haml (3.1.3)
    i18n (0.6.0)
    json (1.6.1)
    linecache (0.46)
      rbx-require-relative (> 0.0.4)
    log4r (1.1.9)
    macaddr (1.5.0)
      systemu (>= 2.4.0)
    multi_json (1.0.3)
    open4 (1.3.0)
    rack (1.3.5)
    rack-protection (1.1.4)
      rack
    rbx-require-relative (0.0.5)
    redis (2.2.2)
    redis-namespace (1.0.3)
      redis (< 3.0.0)
    resque (1.19.0)
      multi_json (~> 1.0)
      redis-namespace (~> 1.0.2)
      sinatra (>= 0.9.2)
      vegas (~> 0.1.2)
    right_aws (3.0.0)
      right_http_connection (>= 1.2.5)
    right_http_connection (1.3.0)
    rspec (2.7.0)
      rspec-core (~> 2.7.0)
      rspec-expectations (~> 2.7.0)
      rspec-mocks (~> 2.7.0)
    rspec-core (2.7.1)
    rspec-expectations (2.7.0)
      diff-lcs (~> 1.1.2)
    rspec-mocks (2.7.0)
    ruby-debug (0.10.4)
      columnize (>= 0.1)
      ruby-debug-base (~> 0.10.4.0)
    ruby-debug-base (0.10.4)
      linecache (>= 0.3)
    sass (3.1.10)
    sinatra (1.3.1)
      rack (~> 1.3, >= 1.3.4)
      rack-protection (~> 1.1, >= 1.1.2)
      tilt (~> 1.3, >= 1.3.3)
    systemu (2.4.1)
    term-ansicolor (1.0.7)
    thor (0.14.6)
    tilt (1.3.3)
    uuid (2.3.4)
      macaddr (~> 1.0)
    vegas (0.1.8)
      rack (>= 1.0.0)

PLATFORMS
  ruby

DEPENDENCIES
  cucumber
  example_hobson_project!
  hobson!
  rspec
  ruby-debug
